GEM
  remote: https://rubygems.org/
  specs:
    codecube (0.0.1)
      typhoeus (~> 0.6)
    dotenv (1.0.2)
    ethon (0.7.1)
      ffi (>= 1.3.0)
    ffi (1.9.6)
    typhoeus (0.6.9)
      ethon (>= 0.7.1)

PLATFORMS
  ruby

DEPENDENCIES
  codecube
  dotenv
